GEM
  remote: https://rubygems.org/
  specs:
    addressable (2.8.4)
      public_suffix (>= 2.0.2, < 6.0)
    crack (0.4.5)
      rexml
    hashdiff (1.0.1)
    minitest (5.18.1)
    public_suffix (5.0.3)
    rake (13.0.6)
    rexml (3.2.5)
    webmock (3.18.1)
      addressable (>= 2.8.0)
      crack (>= 0.3.2)
      hashdiff (>= 0.4.0, < 2.0.0)
    webrick (1.8.1)

PLATFORMS
  arm64-darwin-22
  x86_64-linux

DEPENDENCIES
  minitest
  rake
  webmock
  webrick

RUBY VERSION
   ruby 3.2.2p53

BUNDLED WITH
   2.4.17
